GEM
  remote: https://rubygems.org/
  specs:
    motion-gradle (2.1.0)
    rake (10.5.0)

PLATFORMS
  ruby

DEPENDENCIES
  motion-gradle
  rake

BUNDLED WITH
   1.11.2
