GEM
  remote: https://rubygems.org/
  specs:
    moran (0.8)
      motion-gradle (~> 2.0)
    motion-gradle (2.1.0)
    rake (10.5.0)

PLATFORMS
  ruby

DEPENDENCIES
  moran
  motion-gradle
  rake

BUNDLED WITH
   1.11.2
